GEM
  remote: https://rubygems.org/
  specs:
    coderay (1.1.2)
    csv (3.0.3)
    method_source (0.9.2)
    pry (0.12.2)
      coderay (~> 1.1.0)
      method_source (~> 0.9.0)

PLATFORMS
  ruby

DEPENDENCIES
  csv
  pry

RUBY VERSION
   ruby 2.5.1p57

BUNDLED WITH
   2.0.1
